GEM
  remote: https://rubygems.org/
  specs:
    CFPropertyList (2.2.8)
    diff-lcs (1.2.5)
    facter (2.4.1)
      CFPropertyList (~> 2.2.6)
    hiera (1.3.4)
      json_pure
    json_pure (1.8.2)
    metaclass (0.0.4)
    mocha (1.1.0)
      metaclass (~> 0.0.1)
    puppet (3.7.5)
      facter (> 1.6, < 3)
      hiera (~> 1.0)
      json_pure
    puppet-lint (1.1.0)
    puppet-syntax (2.0.0)
      rake
    puppetlabs_spec_helper (0.10.1)
      mocha
      puppet-lint
      puppet-syntax
      rake
      rspec-puppet
    rake (10.4.2)
    rspec (3.2.0)
      rspec-core (~> 3.2.0)
      rspec-expectations (~> 3.2.0)
      rspec-mocks (~> 3.2.0)
    rspec-core (3.2.2)
      rspec-support (~> 3.2.0)
    rspec-expectations (3.2.0)
      diff-lcs (>= 1.2.0, < 2.0)
      rspec-support (~> 3.2.0)
    rspec-mocks (3.2.1)
      diff-lcs (>= 1.2.0, < 2.0)
      rspec-support (~> 3.2.0)
    rspec-puppet (2.0.1)
      rspec
    rspec-support (3.2.2)

PLATFORMS
  ruby

DEPENDENCIES
  puppet (>= 3.0.0)
  puppet-lint (~> 1.1.0)
  puppetlabs_spec_helper (~> 0.10.0)
  rake (~> 10.4.0)
  rspec-puppet (~> 2.0.0)
